PATH
  remote: .
  specs:
    wendao (1.0)
      activesupport
      addressable (~> 2.2)
      faraday (~> 0.7)
      faraday_middleware (~> 0.8)
      hashie (~> 1.2)
      multi_json (~> 1.0)
      sinatra (>= 0.9.2)

GEM
  remote: http://ruby.taobao.org/
  specs:
    activesupport (3.2.2)
      i18n (~> 0.6)
      multi_json (~> 1.0)
    addressable (2.2.7)
    coderay (1.0.5)
    crack (0.3.1)
    diff-lcs (1.1.3)
    faraday (0.7.6)
      addressable (~> 2.2)
      multipart-post (~> 1.1)
      rack (~> 1.1)
    faraday_middleware (0.8.6)
      faraday (>= 0.7.4, < 0.9)
    hashie (1.2.0)
    i18n (0.6.0)
    json (1.6.6)
    maruku (0.6.0)
      syntax (>= 1.0.0)
    method_source (0.7.1)
    multi_json (1.2.0)
    multipart-post (1.1.5)
    pry (0.9.8.4)
      coderay (~> 1.0.5)
      method_source (~> 0.7.1)
      slop (>= 2.4.4, < 3)
    rack (1.4.1)
    rack-protection (1.2.0)
      rack
    rake (0.9.2.2)
    rspec (2.9.0)
      rspec-core (~> 2.9.0)
      rspec-expectations (~> 2.9.0)
      rspec-mocks (~> 2.9.0)
    rspec-core (2.9.0)
    rspec-expectations (2.9.1)
      diff-lcs (~> 1.1.3)
    rspec-mocks (2.9.0)
    shotgun (0.9)
      rack (>= 1.0)
    simplecov (0.6.1)
      multi_json (~> 1.0)
      simplecov-html (~> 0.5.3)
    simplecov-html (0.5.3)
    sinatra (1.3.2)
      rack (~> 1.3, >= 1.3.6)
      rack-protection (~> 1.2)
      tilt (~> 1.3, >= 1.3.3)
    slop (2.4.4)
    syntax (1.0.0)
    tilt (1.3.3)
    webmock (1.8.6)
      addressable (>= 2.2.7)
      crack (>= 0.1.7)
    yard (0.7.5)

PLATFORMS
  ruby

DEPENDENCIES
  jruby-openssl (~> 0.7)
  json
  maruku
  pry
  rake
  rspec (~> 2.8)
  shotgun
  simplecov
  webmock
  wendao!
  yard
